GEM
  remote: http://rubygems.org/
  specs:
    nokogiri (1.5.6)
    sass (3.2.5)
    trollop (2.0)

PLATFORMS
  ruby

DEPENDENCIES
  nokogiri (~> 1.5.6)
  sass (~> 3.2.5)
  trollop (~> 2.0)
